GEM
  remote: https://rubygems.org/
  specs:
    asciidoctor (1.5.0.preview.8)
    coderay (1.1.0)

PLATFORMS
  ruby

DEPENDENCIES
  asciidoctor (~> 1.5.0.preview)
  coderay
